PATH
  remote: .
  specs:
    gooddata (0.1.0)
      json_pure
      parseconfig
      rest-client

GEM
  remote: http://rubygems.org/
  specs:
    json_pure (1.4.6)
    mime-types (1.16)
    parseconfig (0.5.2)
    rest-client (1.6.1)
      mime-types (>= 1.16)
    thoughtbot-shoulda (2.11.1)

PLATFORMS
  ruby

DEPENDENCIES
  gooddata!
  json_pure
  parseconfig
  rest-client
  thoughtbot-shoulda
