PATH
  remote: .
  specs:
    gooddata (0.5.16)
      erubis
      gli
      highline
      json
      json_pure
      parseconfig
      pry
      rest-client
      rubyzip

GEM
  remote: https://rubygems.org/
  specs:
    coderay (1.1.0)
    diff-lcs (1.2.5)
    erubis (2.7.0)
    gli (2.8.1)
    highline (1.6.20)
    json (1.8.1)
    json_pure (1.8.1)
    method_source (0.8.2)
    mime-types (2.0)
    parseconfig (1.0.2)
    pry (0.9.12.4)
      coderay (~> 1.0)
      method_source (~> 0.8)
      slop (~> 3.4)
    rake (10.1.0)
    rest-client (1.6.7)
      mime-types (>= 1.16)
    rspec (2.14.1)
      rspec-core (~> 2.14.0)
      rspec-expectations (~> 2.14.0)
      rspec-mocks (~> 2.14.0)
    rspec-core (2.14.7)
    rspec-expectations (2.14.4)
      diff-lcs (>= 1.1.3, < 2.0)
    rspec-mocks (2.14.4)
    rubyzip (1.1.0)
    slop (3.4.7)
    thoughtbot-shoulda (2.11.1)

PLATFORMS
  ruby

DEPENDENCIES
  bundler (~> 1.3)
  gooddata!
  pry
  rake
  rspec
  thoughtbot-shoulda
