GEM
  remote: https://rubygems.org/
  specs:
    coderay (1.1.0)
    highline (1.6.21)
    method_source (0.8.2)
    mime-types (2.1)
    pry (0.9.12.6)
      coderay (~> 1.0)
      method_source (~> 0.8)
      slop (~> 3.4)
    rest-client (1.6.7)
      mime-types (>= 1.16)
    rubyzip (1.1.0)
    salesforce_bulk (1.0.3)
      xml-simple
    slop (3.4.7)
    xml-simple (1.1.3)

PLATFORMS
  ruby

DEPENDENCIES
  highline
  pry
  rest-client
  rubyzip
  salesforce_bulk
